PATH
  remote: .
  specs:
    recursivar (0.1.0)
      tree_graph (~> 0.2.2)
      tree_html (~> 0.1.7)

GEM
  remote: https://rubygems.org/
  specs:
    coderay (1.1.2)
    method_source (0.9.2)
    minitest (5.14.1)
    pry (0.12.2)
      coderay (~> 1.1.0)
      method_source (~> 0.9.0)
    rake (10.5.0)
    tree_graph (0.2.2)
    tree_html (0.1.7)

PLATFORMS
  ruby

DEPENDENCIES
  bundler (~> 2.0)
  minitest (~> 5.0)
  pry
  rake (~> 10.0)
  recursivar!

BUNDLED WITH
   2.0.2
